GIT
  remote: https://github.com/bundler/gemstash.git
  revision: b56d73bde817734017ea73a886f7eca7de7bfd15
  ref: b56d73bde817734017ea73a886f7eca7de7bfd15
  specs:
    gemstash (1.0.3)
      activesupport (>= 4.2, < 6)
      dalli (~> 2.7)
      faraday (~> 0.9)
      faraday_middleware (~> 0.10)
      lru_redux (~> 1.1)
      puma (~> 2.14)
      sequel (~> 4.26)
      sinatra (~> 1.4)
      sqlite3 (~> 1.3)
      thor (~> 0.19)

GEM
  remote: https://rubygems.org/
  specs:
    activesupport (5.0.1)
      concurrent-ruby (~> 1.0, >= 1.0.2)
      i18n (~> 0.7)
      minitest (~> 5.1)
      tzinfo (~> 1.1)
    concurrent-ruby (1.0.4)
    dalli (2.7.6)
    faraday (0.10.1)
      multipart-post (>= 1.2, < 3)
    faraday_middleware (0.10.1)
      faraday (>= 0.7.4, < 1.0)
    i18n (0.7.0)
    lru_redux (1.1.0)
    minitest (5.10.1)
    multipart-post (2.0.0)
    pg (0.18.4)
    puma (2.16.0)
    rack (1.6.5)
    rack-protection (1.5.3)
      rack
    sequel (4.42.1)
    sinatra (1.4.7)
      rack (~> 1.5)
      rack-protection (~> 1.4)
      tilt (>= 1.3, < 3)
    sqlite3 (1.3.13)
    thor (0.19.4)
    thread_safe (0.3.5)
    tilt (2.0.5)
    tzinfo (1.2.2)
      thread_safe (~> 0.1)

PLATFORMS
  ruby

DEPENDENCIES
  gemstash!
  pg (~> 0.18)

BUNDLED WITH
   1.13.6
